PATH
  remote: .
  specs:
    reorder-migrations-task (0.0.1)
      commander (~> 4.1.2)

GEM
  remote: http://rubygems.org/
  specs:
    columnize (0.3.6)
    commander (4.1.2)
      highline (~> 1.6.11)
    debugger (1.2.0)
      columnize (>= 0.3.1)
      debugger-linecache (~> 1.1.1)
      debugger-ruby_core_source (~> 1.1.3)
    debugger-linecache (1.1.2)
      debugger-ruby_core_source (>= 1.1.1)
    debugger-ruby_core_source (1.1.3)
    diff-lcs (1.1.3)
    fakefs (0.4.0)
    highline (1.6.14)
    rspec (2.8.0)
      rspec-core (~> 2.8.0)
      rspec-expectations (~> 2.8.0)
      rspec-mocks (~> 2.8.0)
    rspec-core (2.8.0)
    rspec-expectations (2.8.0)
      diff-lcs (~> 1.1.2)
    rspec-mocks (2.8.0)

PLATFORMS
  ruby

DEPENDENCIES
  debugger
  fakefs
  reorder-migrations-task!
  rspec
